GIT
  remote: git://github.com/mbreit/rtex.git
  revision: 4130018d44031d55dd67ddea9335ba74dc0da2c1
  specs:
    rtex (3.0.0)

GEM
  remote: https://rubygems.org/
  specs:
    acts_as_flying_saucer (1.0.3)
      nailgun
      tidy_ffi
    ffi (1.1.5)
    nailgun (0.0.3)
    tidy_ffi (0.1.4)
      ffi (>= 0.3.5)

PLATFORMS
  ruby

DEPENDENCIES
  acts_as_flying_saucer
  rtex!
